PATH
  remote: /Users/snusnu/projects/github/forks/metric_fu
  specs:
    metric_fu (1.3.0)
      Saikuro (>= 1.1.0)
      activesupport (>= 2.2.3)
      chronic (>= 0.2.3)
      churn (>= 0.0.7)
      flay (>= 1.2.1)
      flog (= 2.2.0)
      rcov (>= 0.8.3.3)

GEM
  remote: http://rubygems.org/
  specs:
    ParseTree (3.0.5)
      RubyInline (>= 3.7.0)
      sexp_processor (>= 3.0.0)
    RubyInline (3.8.4)
      ZenTest
    Saikuro (1.1.0)
    ZenTest (4.3.3)
    activesupport (2.3.8)
    arrayfields (4.7.4)
    chronic (0.2.3)
      hoe (>= 1.2.1)
    churn (0.0.12)
      chronic (~> 0.2.3)
      hirb
      json_pure
      main
      ruby_parser (~> 2.0.4)
      sexp_processor (~> 3.0.3)
    fattr (2.1.0)
    flay (1.4.0)
      ruby_parser (~> 2.0)
      sexp_processor (~> 3.0)
    flog (2.2.0)
      ruby_parser (~> 2.0)
      sexp_processor (~> 3.0)
    gosu (0.7.22)
    heckle (1.4.3)
      ParseTree (>= 2.0.0)
      ZenTest (>= 3.5.2)
      ruby2ruby (>= 1.1.6)
    hirb (0.3.2)
    hoe (2.6.1)
      rake (>= 0.8.7)
      rubyforge (>= 2.0.4)
    json (1.4.3)
    json_pure (1.4.3)
    main (4.2.0)
      arrayfields (>= 4.7.4)
      fattr (>= 2.1.0)
    mspec (1.5.17)
    rake (0.8.7)
    rcov (0.9.8)
    reek (1.2.8)
      ruby2ruby (~> 1.2)
      ruby_parser (~> 2.0)
      sexp_processor (~> 3.0)
    roodi (2.1.0)
      ruby_parser
    rspec (1.3.0)
    ruby2ruby (1.2.2)
      ParseTree (~> 3.0)
    ruby_parser (2.0.4)
      sexp_processor (~> 3.0)
    rubyforge (2.0.4)
      json_pure (>= 1.1.7)
    sexp_processor (3.0.4)
    yard (0.5.8)
    yardstick (0.1.0)
      yard (~> 0.2)
    zombie-chaser (0.1.0)

PLATFORMS
  ruby

DEPENDENCIES
  ParseTree (~> 3.0.5)
  churn (~> 0.0.7)
  flay (~> 1.4.0)
  flog (~> 2.2.0)
  gosu (~> 0.7.22)
  heckle (~> 1.4.3)
  json (~> 1.4.3)
  metric_fu (~> 1.3)!
  mspec (~> 1.5.17)
  rake (~> 0.8.7)
  rcov (~> 0.9.8)
  reek (~> 1.2.8)
  roodi (~> 2.1)
  rspec (~> 1.3)
  ruby2ruby (= 1.2.2)
  sexp_processor (~> 3.0.4)
  yard (~> 0.5.8)
  yardstick (~> 0.1)
  zombie-chaser (~> 0.1.0)
